ObjectType = Image
NDims = 3
BinaryData = True
BinaryDataByteOrderMSB = False
CompressedData = False
TransformMatrix = 1 0 0 0 1 0 0 0 1
Offset = -279.24680999999998 -279.54680999999999 -103.54680999999999
CenterOfRotation = 0 0 0
AnatomicalOrientation = RAI
ElementSpacing = 4.4180599999999997 4.4180599999999997 4.4180599999999997
DimSize = 128 128 128
ElementType = MET_FLOAT
ElementDataFile = activity_sm_24h_fov2.raw
